GEM
  remote: http://rubygems.org/
  specs:
    character-encodings (0.4.1)
    columnize (0.3.4)
    i18n (0.6.0)
    json (1.6.3)
    linecache (0.46)
      rbx-require-relative (> 0.0.4)
    mail (2.3.0)
      i18n (>= 0.4.0)
      mime-types (~> 1.16)
      treetop (~> 1.4.8)
    mime-types (1.16)
    mocha (0.9.12)
    nokogiri (1.4.7)
    polyglot (0.3.2)
    rake (0.9.2.2)
    rbx-require-relative (0.0.5)
    ruby-debug (0.10.4)
      columnize (>= 0.1)
      ruby-debug-base (~> 0.10.4.0)
    ruby-debug-base (0.10.4)
      linecache (>= 0.3)
    sanitize (2.0.3)
      nokogiri (>= 1.4.4, < 1.6)
    shoulda (2.11.3)
    treetop (1.4.10)
      polyglot
      polyglot (>= 0.3.1)
    unicode (0.4.0)
    wikipedia-client (1.0.0)

PLATFORMS
  ruby

DEPENDENCIES
  bundler (~> 1.0.0)
  character-encodings
  json
  mail
  mocha
  rake
  ruby-debug (~> 0.10.4)
  sanitize
  shoulda
  unicode
  wikipedia-client
